GEM
  remote: https://rubygems.org/
  specs:
    addressable (2.8.1)
      public_suffix (>= 2.0.2, < 6.0)
    ast (2.4.2)
    coderay (1.1.3)
    daemons (1.4.1)
    domain_name (0.5.20190701)
      unf (>= 0.0.5, < 1.0.0)
    eventmachine (1.2.7)
    ffi (1.15.5)
    ffi-compiler (1.0.1)
      ffi (>= 1.0.0)
      rake
    http (4.4.1)
      addressable (~> 2.3)
      http-cookie (~> 1.0)
      http-form_data (~> 2.2)
      http-parser (~> 1.2.0)
    http-cookie (1.0.5)
      domain_name (~> 0.5)
    http-form_data (2.3.0)
    http-parser (1.2.3)
      ffi-compiler (>= 1.0, < 2.0)
    json (2.6.3)
    method_source (1.0.0)
    minitest (5.16.3)
    multi_json (1.15.0)
    mustermann (3.0.0)
      ruby2_keywords (~> 0.0.1)
    parallel (1.22.1)
    parser (3.2.1.0)
      ast (~> 2.4.1)
    pry (0.14.2)
      coderay (~> 1.1)
      method_source (~> 1.0)
    public_suffix (5.0.1)
    rack (2.2.6.2)
    rack-protection (3.0.5)
      rack
    rainbow (3.1.1)
    rake (13.0.6)
    regexp_parser (2.7.0)
    rexml (3.2.5)
    rubocop (1.47.0)
      json (~> 2.3)
      parallel (~> 1.10)
      parser (>= 3.2.0.0)
      rainbow (>= 2.2.2, < 4.0)
      regexp_parser (>= 1.8, < 3.0)
      rexml (>= 3.2.5, < 4.0)
      rubocop-ast (>= 1.26.0, < 2.0)
      ruby-progressbar (~> 1.7)
      unicode-display_width (>= 2.4.0, < 3.0)
    rubocop-ast (1.27.0)
      parser (>= 3.2.1.0)
    ruby-progressbar (1.12.0)
    ruby2_keywords (0.0.5)
    sinatra (3.0.5)
      mustermann (~> 3.0)
      rack (~> 2.2, >= 2.2.4)
      rack-protection (= 3.0.5)
      tilt (~> 2.0)
    sinatra-contrib (3.0.5)
      multi_json
      mustermann (~> 3.0)
      rack-protection (= 3.0.5)
      sinatra (= 3.0.5)
      tilt (~> 2.0)
    sinatra-reloader (1.0)
      sinatra-contrib
    thin (1.8.1)
      daemons (~> 1.0, >= 1.0.9)
      eventmachine (~> 1.0, >= 1.0.4)
      rack (>= 1, < 3)
    tilt (2.1.0)
    unf (0.1.4)
      unf_ext
    unf_ext (0.0.8.2)
    unicode-display_width (2.4.2)

PLATFORMS
  ruby

DEPENDENCIES
  http
  json
  minitest
  pry
  rubocop
  sinatra
  sinatra-reloader
  thin

BUNDLED WITH
   2.4.6
